GEM
  remote: http://rubygems.org/
  specs:
    actionmailer (2.3.5)
      actionpack (= 2.3.5)
    actionpack (2.3.5)
      activesupport (= 2.3.5)
      rack (~> 1.0.0)
    activerecord (2.3.5)
      activesupport (= 2.3.5)
    activeresource (2.3.5)
      activesupport (= 2.3.5)
    activesupport (2.3.5)
    capistrano (2.5.9)
      highline
      net-scp (>= 1.0.0)
      net-sftp (>= 2.0.0)
      net-ssh (>= 2.0.14)
      net-ssh-gateway (>= 1.0.0)
    highline (1.5.1)
    mysql (2.8.1)
    net-scp (1.0.2)
      net-ssh (>= 1.99.1)
    net-sftp (2.0.2)
      net-ssh (>= 2.0.9)
    net-ssh (2.0.15)
    net-ssh-gateway (1.0.1)
      net-ssh (>= 1.99.1)
    open4 (0.9.3)
    rack (1.0.1)
    rails (2.3.5)
      actionmailer (= 2.3.5)
      actionpack (= 2.3.5)
      activerecord (= 2.3.5)
      activeresource (= 2.3.5)
      activesupport (= 2.3.5)
      rake (>= 0.8.3)
    rake (0.9.2)
    syntax (1.0.0)

PLATFORMS
  ruby

DEPENDENCIES
  capistrano (= 2.5.9)
  highline (= 1.5.1)
  mysql
  net-scp (= 1.0.2)
  net-sftp (= 2.0.2)
  net-ssh (= 2.0.15)
  net-ssh-gateway (= 1.0.1)
  open4 (= 0.9.3)
  rails (= 2.3.5)
  syntax (= 1.0.0)
